GIT
  remote: https://github.com/winnipegrb/rmeetup.git
  revision: 883c16c32e1ceabeeec00d4be4792d8f40b2f99d
  specs:
    rMeetup (1.1.0)
      json

GEM
  remote: https://rubygems.org/
  specs:
    awesome_print (1.2.0)
    haml (4.0.6)
      tilt
    json (1.8.2)
    rack (1.6.0)
    rack-protection (1.5.3)
      rack
    shotgun (0.9.1)
      rack (>= 1.0)
    sinatra (1.4.5)
      rack (~> 1.4)
      rack-protection (~> 1.4)
      tilt (~> 1.3, >= 1.3.4)
    tilt (1.4.1)

PLATFORMS
  ruby

DEPENDENCIES
  awesome_print
  haml
  rMeetup!
  shotgun
  sinatra
